PATH
  remote: .
  specs:
    librato-metrics-taps (0.3.4)
      jmx4r (= 0.1.4)
      jruby-openssl (= 0.8.5)
      librato-metrics (~> 1.0.4)
      trollop (= 1.16.2)

GEM
  remote: http://rubygems.org/
  specs:
    aggregate (0.2.2)
    bouncy-castle-java (1.5.0147)
    faraday (0.8.7)
      multipart-post (~> 1.1)
    jmx4r (0.1.4)
    jruby-openssl (0.8.5)
      bouncy-castle-java (>= 1.5.0147)
    json (1.7.3)
    json (1.7.3-java)
    librato-metrics (1.0.4)
      aggregate (~> 0.2.2)
      faraday (~> 0.7)
      multi_json
    multi_json (1.7.2)
    multipart-post (1.2.0)
    rake (10.0.3)
    rdoc (3.12)
      json (~> 1.4)
    shoulda (3.0.1)
      shoulda-context (~> 1.0.0)
      shoulda-matchers (~> 1.0.0)
    shoulda-context (1.0.0)
    shoulda-matchers (1.0.0)
    trollop (1.16.2)

PLATFORMS
  java
  ruby

DEPENDENCIES
  librato-metrics-taps!
  rake
  rdoc (~> 3.12)
  shoulda
